{
	"ConversionSoftware": "dicm2nii.m 20190214",
	"SeriesNumber": 801,
	"SeriesDescription": "fMRI_Task Step_T11_15Hz",
	"ImageType": ["ORIGINAL", "PRIMARY", "M_FFE", "M", "FFE"],
	"Modality": "MR",
	"AcquisitionDateTime": "20180822153757.12",
	"TotalReadoutTime": 0.079259843,
	"RepetitionTime": 3,
	"PhaseEncodingDirection": "j-",
	"EffectiveEchoSpacing": 0.00055426458,
	"EchoTime": 0.035001,
	"PatientName": "DS_NIS_002180822",
	"PatientSex": "M",
	"PatientAge": "038Y",
	"PatientWeight": 82,
	"PatientPosition": "HFS",
	"SliceThickness": 3,
	"FlipAngle": 90,
	"Manufacturer": "Philips Healthcare",
	"SoftwareVersion": "4.1.3\\4.1.3.2",
	"MRAcquisitionType": "MS",
	"InstitutionName": "Methodist Hospital",
	"DeviceSerialNumber": "42034",
	"ScanningSequence": "FEEPI",
	"SequenceVariant": "GR",
	"ScanOptions": "FS",
	"TaskName": "step15"
}
