{
	"ConversionSoftware": "dicm2nii.m 20190214",
	"SeriesNumber": 501,
	"SeriesDescription": "fMRI_Task Steping_T11_30Hz",
	"ImageType": ["ORIGINAL", "PRIMARY", "M_FFE", "M", "FFE"],
	"Modality": "MR",
	"AcquisitionDateTime": "20180827170608.54",
	"TotalReadoutTime": 0.079145432,
	"RepetitionTime": 3,
	"PhaseEncodingDirection": "j-",
	"EffectiveEchoSpacing": 0.00055346452,
	"EchoTime": 0.035,
	"PatientName": "DS_NIS_006180827",
	"PatientSex": "M",
	"PatientAge": "038Y",
	"PatientWeight": 94,
	"PatientPosition": "HFS",
	"SliceThickness": 3,
	"FlipAngle": 90,
	"Manufacturer": "Philips Healthcare",
	"SoftwareVersion": "4.1.3\\4.1.3.2",
	"MRAcquisitionType": "MS",
	"InstitutionName": "Methodist Hospital",
	"DeviceSerialNumber": "42034",
	"ScanningSequence": "FEEPI",
	"SequenceVariant": "GR",
	"ScanOptions": "FS",
	"TaskName": "step30"
}
