{
	"ConversionSoftware": "dicm2nii.m 20190214",
	"SeriesNumber": 401,
	"SeriesDescription": "T1W_3D_TFE SENSE",
	"ImageType": ["ORIGINAL", "PRIMARY", "M_FFE", "M", "FFE"],
	"Modality": "MR",
	"AcquisitionDateTime": "20180822111150.43",
	"RepetitionTime": 0.0081999998,
	"PhaseEncodingDirection": "j-",
	"EchoTime": 0.00376,
	"PatientName": "DS_NIS_001180822",
	"PatientSex": "M",
	"PatientAge": "038Y",
	"PatientWeight": 74,
	"PatientPosition": "HFS",
	"SliceThickness": 1,
	"FlipAngle": 8,
	"Manufacturer": "Philips Healthcare",
	"SoftwareVersion": "4.1.3\\4.1.3.2",
	"MRAcquisitionType": "3D",
	"InstitutionName": "Methodist Hospital",
	"DeviceSerialNumber": "42034",
	"ScanningSequence": "T1TFE",
	"SequenceVariant": "GR",
	"ScanOptions": "OTHER"
}
