{
	"ConversionSoftware": "dicm2nii.m 20190214",
	"SeriesNumber": 301,
	"SeriesDescription": "T1W_3D_TFE SENSE",
	"ImageType": ["ORIGINAL", "PRIMARY", "M_FFE", "M", "FFE"],
	"Modality": "MR",
	"AcquisitionDateTime": "20180824092923.68",
	"RepetitionTime": 0.0081697998,
	"PhaseEncodingDirection": "j-",
	"EchoTime": 0.003741,
	"PatientName": "DS_NIS_003180824",
	"PatientSex": "M",
	"PatientAge": "038Y",
	"PatientWeight": 75,
	"PatientPosition": "HFS",
	"SliceThickness": 1,
	"FlipAngle": 8,
	"Manufacturer": "Philips Healthcare",
	"SoftwareVersion": "4.1.3\\4.1.3.2",
	"MRAcquisitionType": "3D",
	"InstitutionName": "Methodist Hospital",
	"DeviceSerialNumber": "42034",
	"ScanningSequence": "T1TFE",
	"SequenceVariant": "GR",
	"ScanOptions": "OTHER"
}
